GEM
  remote: https://rubygems.org/
  specs:
    addressable (2.8.4)
      public_suffix (>= 2.0.2, < 6.0)
    cookiejar (0.3.3)
    em-http-request (1.1.6)
      addressable (>= 2.3.4)
      cookiejar (!= 0.3.1)
      em-socksify (>= 0.3)
      eventmachine (>= 1.0.3)
      http_parser.rb (>= 0.6.0)
    em-socksify (0.3.2)
      eventmachine (>= 1.0.0.beta.4)
    eventmachine (1.0.3)
    faraday (0.9.0)
      multipart-post (>= 1.2, < 3)
    hashie (2.0.5)
    http_parser.rb (0.8.0)
    multipart-post (2.0.0)
    public_suffix (5.0.1)
    sentry-raven (0.6.0)
      faraday (>= 0.7.6)
      hashie (>= 1.1.0)
      uuidtools
    uuidtools (2.1.4)

PLATFORMS
  ruby

DEPENDENCIES
  em-http-request
  eventmachine
  sentry-raven
